GEM
  remote: https://rubygems.org/
  specs:
    builder (3.2.2)
    coffee-script (2.4.1)
      coffee-script-source
      execjs
    coffee-script-source (1.10.0)
    execjs (2.6.0)
    haml (4.0.7)
      tilt
    hike (1.2.3)
    multi_json (1.11.2)
    rack (1.6.4)
    rack-protection (1.5.3)
      rack
    rake (10.5.0)
    redcarpet (3.3.4)
    rouge (1.10.1)
    sass (3.4.21)
    sinatra (1.4.5)
      rack (~> 1.4)
      rack-protection (~> 1.4)
      tilt (~> 1.3, >= 1.3.4)
    sinatra-asset-pipeline (0.7.0)
      coffee-script (~> 2.3)
      rake (~> 10.0)
      sass (~> 3.1)
      sinatra (~> 1.4)
      sprockets (~> 2.12)
      sprockets-helpers (~> 1.1)
      sprockets-sass (~> 1.2)
    sprockets (2.12.4)
      hike (~> 1.2)
      multi_json (~> 1.0)
      rack (~> 1.0)
      tilt (~> 1.1, != 1.3.0)
    sprockets-helpers (1.2.1)
      sprockets (>= 2.2)
    sprockets-sass (1.3.1)
      sprockets (~> 2.0)
      tilt (~> 1.1)
    tilt (1.4.1)

PLATFORMS
  ruby
  x86-mingw32

DEPENDENCIES
  builder
  haml
  redcarpet
  rouge
  sass
  sinatra (= 1.4.5)
  sinatra-asset-pipeline

BUNDLED WITH
   1.11.2
